GEM
  remote: http://rubygems.org/
  specs:
    sequel (4.27.0)
    sqlite3 (1.3.10)

PLATFORMS
  ruby

DEPENDENCIES
  sequel
  sqlite3

BUNDLED WITH
   1.10.6
