GEM
  remote: http://rubygems.org/
  specs:
    minitest (5.8.2)
    parallel (1.6.1)
    sequel (4.27.0)
    sqlite3 (1.3.10)

PLATFORMS
  ruby

DEPENDENCIES
  minitest
  parallel
  sequel
  sqlite3

BUNDLED WITH
   1.10.6
